GEM
  remote: https://rubygems.org/
  specs:
    narray (0.6.1.2)

PLATFORMS
  ruby

DEPENDENCIES
  narray (~> 0.6.1.2)

BUNDLED WITH
   2.1.2
