GEM
  remote: https://rubygems.org/
  specs:
    numo-narray (0.9.1.6)

PLATFORMS
  ruby

DEPENDENCIES
  numo-narray (~> 0.9.1.3)

BUNDLED WITH
   2.1.2
